GEM
  remote: https://rubygems.org/
  specs:
    httpclient (2.8.3)
    minitest (5.14.3)
    rake (13.0.3)

PLATFORMS
  ruby

DEPENDENCIES
  httpclient (~> 2.8)
  minitest (~> 5.14)
  rake (~> 13)

RUBY VERSION
   ruby 3.0.0p0

BUNDLED WITH
   2.2.3
