GEM
  remote: https://rubygems.org/
  specs:
    httpclient (2.7.1)
    minitest (5.8.3)
    rake (10.4.2)

PLATFORMS
  ruby

DEPENDENCIES
  httpclient (>= 2.7.1)
  minitest
  rake

BUNDLED WITH
   1.11.2
