GEM
  remote: https://rubygems.org/
  specs:
    httpclient (2.7.1)
    minitest (5.8.4)
    rake (10.5.0)

PLATFORMS
  ruby

DEPENDENCIES
  httpclient (>= 2.7.1)
  minitest
  rake

BUNDLED WITH
   1.11.2
