GEM
  remote: https://rubygems.org/
  specs:
    httpclient (2.8.0)
    minitest (5.8.4)
    rake (11.1.2)

PLATFORMS
  ruby

DEPENDENCIES
  httpclient (~> 2.8)
  minitest (~> 5.8)
  rake (~> 11.1)

BUNDLED WITH
   1.11.2
