GEM
  remote: https://rubygems.org/
  specs:
    httpclient (2.8.3)
    minitest (5.13.0)
    rake (13.0.0)

PLATFORMS
  ruby

DEPENDENCIES
  httpclient (~> 2.8)
  minitest (~> 5.13)
  rake (~> 13)

RUBY VERSION
   ruby 2.6.5p114

BUNDLED WITH
   2.0.2
